GEM
  remote: https://rubygems.org/
  specs:
    bigdecimal (3.1.9)
    diff-lcs (1.6.0)
    dotenv (2.8.1)
    httparty (0.21.0)
      mini_mime (>= 1.0.0)
      multi_xml (>= 0.5.2)
    mini_mime (1.1.5)
    multi_xml (0.7.1)
      bigdecimal (~> 3.1)
    rspec (3.12.0)
      rspec-core (~> 3.12.0)
      rspec-expectations (~> 3.12.0)
      rspec-mocks (~> 3.12.0)
    rspec-core (3.12.3)
      rspec-support (~> 3.12.0)
    rspec-expectations (3.12.4)
      diff-lcs (>= 1.2.0, < 2.0)
      rspec-support (~> 3.12.0)
    rspec-mocks (3.12.7)
      diff-lcs (>= 1.2.0, < 2.0)
      rspec-support (~> 3.12.0)
    rspec-support (3.12.2)

PLATFORMS
  x86_64-linux-gnu

DEPENDENCIES
  dotenv (~> 2.8.0)
  httparty (~> 0.21.0)
  rspec (~> 3.12.0)

BUNDLED WITH
   2.6.5
